GIT
  remote: git://github.com/GreenplumChorus/gnip.git
  revision: a6bcb4e7981022c6e0c9f70e311200b82451ef2e
  specs:
    chorusgnip (0.0.1)

GIT
  remote: git://github.com/GreenplumChorus/jetpack.git
  revision: 529c16d730de7e15840f0b2826254faeaf67f53e
  specs:
    jetpack (0.1.2)

GIT
  remote: git://github.com/GreenplumChorus/mizuno.git
  revision: 0643d9699e8dea73ee5a2043e4f15ce43c88ba4b
  branch: 0.6.4_changes
  specs:
    mizuno (0.6.4)
      childprocess (>= 0.2.6)
      choice (>= 0.1.0)
      ffi (>= 1.0.0)
      rack (>= 1.0.0)

GIT
  remote: git://github.com/GreenplumChorus/postgresql_cursor.git
  revision: 75b41556ef2c2d9dfc3ea110d541ffcc7e8ed5fb
  specs:
    postgresql_cursor (0.4.0)
      activerecord

GIT
  remote: git://github.com/GreenplumChorus/queue_classic.git
  revision: 3f30501e8bb15f394c07401aab083771ca5598f7
  specs:
    queue_classic (2.0.0)
      scrolls (~> 0.0.8)

GIT
  remote: git://github.com/GreenplumChorus/rspec_api_documentation.git
  revision: 104c860f6ba5a19f429e447f6289904259972615
  specs:
    rspec_api_documentation (0.8.0)
      activesupport (>= 3.0.0)
      i18n (>= 0.1.0)
      json (>= 1.4.6)
      mustache (>= 0.99.4)
      rspec (>= 2.6.0)
      webmock (>= 1.7.0)

GIT
  remote: git://github.com/GreenplumChorus/tableau.git
  revision: 0d0fab114b3975daee66204578f46ac164b2500b
  specs:
    tabcmd_gem (0.0.1)
      highline
      hpricot
      rchardet19

GIT
  remote: git://github.com/brutuscat/poltergeist.git
  revision: 09edc918c1b0e926692e694d42b3e5d874f795db
  specs:
    poltergeist (1.0.2)
      capybara (~> 2.0, >= 2.0.1)
      childprocess (~> 0.3)
      faye-websocket (~> 0.4, >= 0.4.4)
      http_parser.rb (~> 0.5.3)
      multi_json (~> 1.0)

GIT
  remote: git://github.com/pivotal/jasmine-gem.git
  revision: 26e394c1305e5ea2f154c79e6225c6864c933148
  branch: 2_0
  specs:
    jasmine (1.3.2)
      rack (~> 1.0)
      rspec (>= 1.3.1)
      selenium-webdriver (>= 0.1.3)

GIT
  remote: git://github.com/pivotal/sunspot_matchers.git
  revision: e4488522e02da1f58c5117dbc38800deb32ffbd3
  branch: sunspot_2_pre
  specs:
    sunspot_matchers (2.0.0.pre.120417)

GIT
  remote: git://github.com/rdy/fixture_builder.git
  revision: a58e8217260a7a4d420e6dbe8a53283e68efefcd
  specs:
    fixture_builder (0.3.5)
      activerecord (>= 2)
      activesupport (>= 2)

GIT
  remote: git://github.com/scambra/logger-syslog.git
  revision: 008dbba80a59bc5d4bd0e810fe12d1debe01ab35
  specs:
    logger-syslog (1.7.1)

GIT
  remote: git://github.com/taktsoft/sunspot.git
  revision: 78717a33894271d012682dbe8902458badb0ca63
  specs:
    sunspot (2.0.0.pre.120720)
      pr_geohash (~> 1.0)
      rsolr (~> 1.0.7)
    sunspot_rails (2.0.0.pre.120720)
      nokogiri
      sunspot (= 2.0.0.pre.120720)
    sunspot_solr (2.0.0.pre.120720)

PATH
  remote: ../jasmine
  specs:
    jasmine-core (2.0.0.alpha)

GEM
  remote: https://rubygems.org/
  specs:
    POpen4 (0.1.4)
      Platform (>= 0.4.0)
      open4
    Platform (0.4.0)
    actionmailer (3.2.13)
      actionpack (= 3.2.13)
      mail (~> 2.5.3)
    actionpack (3.2.13)
      activemodel (= 3.2.13)
      activesupport (= 3.2.13)
      builder (~> 3.0.0)
      erubis (~> 2.7.0)
      journey (~> 1.0.4)
      rack (~> 1.4.5)
      rack-cache (~> 1.2)
      rack-test (~> 0.6.1)
      sprockets (~> 2.2.1)
    activemodel (3.2.13)
      activesupport (= 3.2.13)
      builder (~> 3.0.0)
    activerecord (3.2.13)
      activemodel (= 3.2.13)
      activesupport (= 3.2.13)
      arel (~> 3.0.2)
      tzinfo (~> 0.3.29)
    activerecord-jdbc-adapter (1.2.9)
    activerecord-jdbcpostgresql-adapter (1.2.9)
      activerecord-jdbc-adapter (~> 1.2.9)
      jdbc-postgres (>= 9.1, < 9.3)
    activeresource (3.2.13)
      activemodel (= 3.2.13)
      activesupport (= 3.2.13)
    activesupport (3.2.13)
      i18n (= 0.6.1)
      multi_json (~> 1.0)
    addressable (2.3.4)
    allowy (0.3.0)
      activesupport (~> 3.2)
      i18n
    archive-tar-minitar (0.5.2)
    arel (3.0.2)
    attr_encrypted (1.2.1)
      encryptor (>= 1.1.1)
    bouncy-castle-java (1.5.0147)
    builder (3.0.4)
    bullet (4.6.0)
      uniform_notifier
    capybara (2.0.3)
      mime-types (>= 1.16)
      nokogiri (>= 1.3.3)
      rack (>= 1.0.0)
      rack-test (>= 0.5.4)
      selenium-webdriver (~> 2.0)
      xpath (~> 1.0.0)
    capybara-screenshot (0.3.4)
      capybara (>= 1.0, < 3)
    childprocess (0.3.9)
      ffi (~> 1.0, >= 1.0.11)
    choice (0.1.6)
    chunky_png (1.2.8)
    ci_reporter (1.8.4)
      builder (>= 2.1.2)
    clockwork (0.4.1)
      tzinfo
    cocaine (0.2.1)
    columnize (0.3.6)
    compass (0.12.2)
      chunky_png (~> 1.2)
      fssm (>= 0.2.7)
      sass (~> 3.1)
    compass-rails (1.0.3)
      compass (>= 0.12.2, < 0.14)
    crack (0.3.1)
    database_cleaner (0.9.1)
    diff-lcs (1.1.3)
    dotenv (0.7.0)
    encryptor (1.1.3)
    erubis (2.7.0)
    eventmachine (1.0.3)
    eventmachine (1.0.3-java)
    execjs (1.4.0)
      multi_json (~> 1.0)
    factory_girl (4.1.0)
      activesupport (>= 3.0.0)
    fakefs (0.4.2)
    faker (1.1.2)
      i18n (~> 0.5)
    fakeweb (1.3.0)
    faye-websocket (0.4.7)
      eventmachine (>= 0.12.0)
    faye-websocket (0.4.7-java)
      eventmachine (>= 0.12.0)
    ffi (1.7.0)
    ffi (1.7.0-java)
    foreman (0.63.0)
      dotenv (>= 0.7)
      thor (>= 0.13.6)
    foreman (0.63.0-java)
      dotenv (>= 0.7)
      thor (>= 0.13.6)
    forgery (0.5.0)
    fssm (0.2.10)
    fuubar (1.1.0)
      rspec (~> 2.0)
      rspec-instafail (~> 0.2.0)
      ruby-progressbar (~> 1.0.0)
    handlebars_assets (0.4.4)
      execjs (>= 1.2.9)
      sprockets (>= 2.0.3)
      tilt
    hashie (2.0.3)
    headless (0.3.1)
    highline (1.6.18)
    hike (1.2.2)
    hpricot (0.8.6)
    hpricot (0.8.6-java)
    http_parser.rb (0.5.3)
    http_parser.rb (0.5.3-java)
    i18n (0.6.1)
    jdbc-postgres (9.2.1002.1)
    jdbc-sqlite3 (3.7.2.1)
    journey (1.0.4)
    jquery-rails (2.1.4)
      railties (>= 3.0, < 5.0)
      thor (>= 0.14, < 2.0)
    jruby-openssl (0.8.7)
      bouncy-castle-java (>= 1.5.0147)
    jshint_on_rails (1.0.2)
    json (1.7.7)
    json (1.7.7-java)
    license_finder (0.8.1)
      bundler
      sequel
      sqlite3
    license_finder (0.8.1-java)
      bundler
      jdbc-sqlite3
      sequel
    linecache (0.46)
      rbx-require-relative (> 0.0.4)
    log4r (1.1.10)
    mail (2.5.3)
      i18n (>= 0.4.0)
      mime-types (~> 1.16)
      treetop (~> 1.4.8)
    mime-types (1.22)
    multi_json (1.7.2)
    mustache (0.99.4)
    net-ldap (0.3.1)
    net-scp (1.0.4)
      net-ssh (>= 1.99.1)
    net-ssh (2.2.2)
    newrelic_rpm (3.5.3.25)
    nokogiri (1.5.9)
    nokogiri (1.5.9-java)
    open4 (1.3.0)
    paperclip (3.0.4)
      activemodel (>= 3.0.0)
      activerecord (>= 3.0.0)
      activesupport (>= 3.0.0)
      cocaine (>= 0.0.2)
      mime-types
    polyglot (0.3.3)
    pr_geohash (1.0.0)
    rack (1.4.5)
    rack-cache (1.2)
      rack (>= 0.4)
    rack-ssl (1.3.3)
      rack
    rack-test (0.6.2)
      rack (>= 1.0)
    rails (3.2.13)
      actionmailer (= 3.2.13)
      actionpack (= 3.2.13)
      activerecord (= 3.2.13)
      activeresource (= 3.2.13)
      activesupport (= 3.2.13)
      bundler (~> 1.0)
      railties (= 3.2.13)
    railties (3.2.13)
      actionpack (= 3.2.13)
      activesupport (= 3.2.13)
      rack-ssl (~> 1.3.2)
      rake (>= 0.8.7)
      rdoc (~> 3.4)
      thor (>= 0.14.6, < 2.0)
    rake (10.0.3)
    rbx-require-relative (0.0.9)
    rchardet19 (1.3.5)
    rdoc (3.12.2)
      json (~> 1.4)
    rr (1.0.4)
    rsolr (1.0.8)
      builder (>= 2.1.2)
    rspec (2.12.0)
      rspec-core (~> 2.12.0)
      rspec-expectations (~> 2.12.0)
      rspec-mocks (~> 2.12.0)
    rspec-core (2.12.2)
    rspec-expectations (2.12.1)
      diff-lcs (~> 1.1.3)
    rspec-mocks (2.12.2)
    rspec-rails (2.12.0)
      actionpack (>= 3.0)
      activesupport (>= 3.0)
      railties (>= 3.0)
      rspec-core (~> 2.12.0)
      rspec-expectations (~> 2.12.0)
      rspec-mocks (~> 2.12.0)
    ruby-debug (0.10.4)
      columnize (>= 0.1)
      ruby-debug-base (~> 0.10.4.0)
    ruby-debug-base (0.10.4)
      linecache (>= 0.3)
    ruby-debug-base (0.10.4-java)
    ruby-progressbar (1.0.2)
    rubyzip (0.9.9)
    sass (3.2.8)
    sass-rails (3.2.5)
      railties (~> 3.2.0)
      sass (>= 3.1.10)
      tilt (~> 1.3)
    scrolls (0.0.9)
    selenium-webdriver (2.32.1)
      childprocess (>= 0.2.5)
      multi_json (~> 1.0)
      rubyzip
      websocket (~> 1.0.4)
    sequel (3.46.0)
    shoulda-matchers (1.4.1)
      activesupport (>= 3.0.0)
    sprockets (2.2.2)
      hike (~> 1.2)
      multi_json (~> 1.0)
      rack (~> 1.0)
      tilt (~> 1.1, != 1.3.0)
    sqlite3 (1.3.7)
    therubyrhino (2.0.1)
      therubyrhino_jar (>= 1.7.3)
    therubyrhino_jar (1.7.4)
    thor (0.18.1)
    tilt (1.3.6)
    timecop (0.3.5)
    treetop (1.4.12)
      polyglot
      polyglot (>= 0.3.1)
    turbo-sprockets-rails3 (0.3.4)
      railties (> 3.2.8, < 4.0.0)
      sprockets (>= 2.0.0)
    tzinfo (0.3.37)
    uglifier (1.3.0)
      execjs (>= 0.3.0)
      multi_json (~> 1.0, >= 1.0.2)
    uniform_notifier (1.2.0)
    vagrant (1.0.7)
      archive-tar-minitar (= 0.5.2)
      childprocess (~> 0.3.1)
      erubis (~> 2.7.0)
      i18n (~> 0.6.0)
      json (>= 1.5.1, < 1.8.0)
      log4r (~> 1.1.9)
      net-scp (~> 1.0.4)
      net-ssh (~> 2.2.2)
    vcr (2.3.0)
    webmock (1.8.11)
      addressable (>= 2.2.7)
      crack (>= 0.1.7)
    websocket (1.0.7)
    will_paginate (3.0.3)
    xpath (1.0.0)
      nokogiri (~> 1.3)
    yui-compressor (0.9.6)
      POpen4 (>= 0.1.4)

PLATFORMS
  java
  ruby

DEPENDENCIES
  activerecord-jdbcpostgresql-adapter
  allowy
  attr_encrypted
  bullet
  capybara (~> 2.0.0)
  capybara-screenshot
  chorusgnip!
  chunky_png
  ci_reporter (>= 1.8.2)
  clockwork
  compass-rails
  database_cleaner
  factory_girl
  fakefs
  faker
  fakeweb
  fixture_builder!
  foreman (>= 0.62)
  forgery
  fuubar
  handlebars_assets
  hashie
  headless
  jasmine!
  jasmine-core!
  jetpack!
  journey
  jquery-rails (= 2.1.4)
  jruby-openssl
  jshint_on_rails
  license_finder
  logger-syslog!
  mizuno!
  net-ldap
  newrelic_rpm
  nokogiri
  paperclip (= 3.0.4)
  poltergeist!
  postgresql_cursor!
  queue_classic!
  rails (= 3.2.13)
  rake
  rr
  rspec
  rspec-rails
  rspec_api_documentation!
  ruby-debug
  sass-rails
  sequel
  shoulda-matchers
  sunspot_matchers!
  sunspot_rails (= 2.0.0.pre.120720)
  sunspot_solr!
  tabcmd_gem!
  therubyrhino
  timecop
  turbo-sprockets-rails3
  uglifier
  vagrant
  vcr
  will_paginate
  yui-compressor
