GIT
  remote: git://github.com/GreenplumChorus/gnip.git
  revision: a6bcb4e7981022c6e0c9f70e311200b82451ef2e
  specs:
    chorusgnip (0.0.1)

GIT
  remote: git://github.com/GreenplumChorus/jetpack.git
  revision: 555003253a1f55cba18d9f47024f99524185cdb6
  specs:
    jetpack (0.1.2)

GIT
  remote: git://github.com/GreenplumChorus/mizuno.git
  revision: 0643d9699e8dea73ee5a2043e4f15ce43c88ba4b
  branch: 0.6.4_changes
  specs:
    mizuno (0.6.4)
      childprocess (>= 0.2.6)
      choice (>= 0.1.0)
      ffi (>= 1.0.0)
      rack (>= 1.0.0)

GIT
  remote: git://github.com/GreenplumChorus/postgresql_cursor.git
  revision: 75b41556ef2c2d9dfc3ea110d541ffcc7e8ed5fb
  specs:
    postgresql_cursor (0.4.0)
      activerecord

GIT
  remote: git://github.com/GreenplumChorus/queue_classic.git
  revision: 3f30501e8bb15f394c07401aab083771ca5598f7
  specs:
    queue_classic (2.0.0)
      scrolls (~> 0.0.8)

GIT
  remote: git://github.com/GreenplumChorus/rspec_api_documentation.git
  revision: ba72a9c456e72212ab10cdca0235a30b7ed606f8
  specs:
    rspec_api_documentation (0.8.0)
      activesupport (>= 3.0.0)
      i18n (>= 0.1.0)
      json (>= 1.4.6)
      mustache (>= 0.99.4)
      rspec (>= 2.6.0)
      webmock (>= 1.7.0)

GIT
  remote: git://github.com/GreenplumChorus/tableau.git
  revision: db963b175c31c1baca67f8218f427be49e253a3f
  specs:
    tabcmd_gem (0.0.1)
      highline
      hpricot
      rchardet19

GIT
  remote: git://github.com/charleshansen/backbone_fixtures_rails.git
  revision: 60827e4a9849d1efb4fe173f57afeec1d4f8c2e6
  specs:
    backbone_fixtures_rails (0.0.1)
      jasmine
      railties (~> 3.1)
      rspec

GIT
  remote: git://github.com/taktsoft/sunspot.git
  revision: 78717a33894271d012682dbe8902458badb0ca63
  ref: 78717a33894271d012682dbe8902458badb0ca63
  specs:
    sunspot_solr (2.0.0.pre.120720)

GEM
  remote: https://rubygems.org/
  specs:
    actionmailer (3.2.14)
      actionpack (= 3.2.14)
      mail (~> 2.5.4)
    actionpack (3.2.14)
      activemodel (= 3.2.14)
      activesupport (= 3.2.14)
      builder (~> 3.0.0)
      erubis (~> 2.7.0)
      journey (~> 1.0.4)
      rack (~> 1.4.5)
      rack-cache (~> 1.2)
      rack-test (~> 0.6.1)
      sprockets (~> 2.2.1)
    activemodel (3.2.14)
      activesupport (= 3.2.14)
      builder (~> 3.0.0)
    activerecord (3.2.14)
      activemodel (= 3.2.14)
      activesupport (= 3.2.14)
      arel (~> 3.0.2)
      tzinfo (~> 0.3.29)
    activerecord-jdbc-adapter (1.2.9.1)
    activerecord-jdbcpostgresql-adapter (1.2.9)
      activerecord-jdbc-adapter (~> 1.2.9)
      jdbc-postgres (>= 9.1, < 9.3)
    activeresource (3.2.14)
      activemodel (= 3.2.14)
      activesupport (= 3.2.14)
    activesupport (3.2.14)
      i18n (~> 0.6, >= 0.6.4)
      multi_json (~> 1.0)
    addressable (2.3.5)
    allowy (0.4.0)
      activesupport (>= 3.2)
      i18n
    archive-tar-minitar (0.5.2)
    arel (3.0.2)
    attr_encrypted (1.2.1)
      encryptor (>= 1.1.1)
    bouncy-castle-java (1.5.0147)
    builder (3.0.4)
    bullet (4.6.0)
      uniform_notifier
    capybara (2.0.3)
      mime-types (>= 1.16)
      nokogiri (>= 1.3.3)
      rack (>= 1.0.0)
      rack-test (>= 0.5.4)
      selenium-webdriver (~> 2.0)
      xpath (~> 1.0.0)
    capybara-screenshot (0.3.13)
      capybara (>= 1.0, < 3)
    childprocess (0.3.9)
      ffi (~> 1.0, >= 1.0.11)
    choice (0.1.6)
    chunky_png (1.2.8)
    ci_reporter (1.9.0)
      builder (>= 2.1.2)
    clockwork (0.5.4)
      activesupport
      tzinfo (~> 0.3.35)
    cocaine (0.2.1)
    compass (0.12.2)
      chunky_png (~> 1.2)
      fssm (>= 0.2.7)
      sass (~> 3.1)
    compass-rails (1.0.3)
      compass (>= 0.12.2, < 0.14)
    crack (0.4.1)
      safe_yaml (~> 0.9.0)
    database_cleaner (1.1.1)
    diff-lcs (1.2.4)
    dotenv (0.8.0)
    encryptor (1.1.3)
    erubis (2.7.0)
    eventmachine (1.0.3)
    eventmachine (1.0.3-java)
    execjs (1.4.0)
      multi_json (~> 1.0)
    factory_girl (4.2.0)
      activesupport (>= 3.0.0)
    fakefs (0.4.2)
    faker (1.2.0)
      i18n (~> 0.5)
    fakeweb (1.3.0)
    faye-websocket (0.4.7)
      eventmachine (>= 0.12.0)
    faye-websocket (0.4.7-java)
      eventmachine (>= 0.12.0)
    ffi (1.9.0)
    ffi (1.9.0-java)
    fixture_builder (0.3.6)
      activerecord (>= 2)
      activesupport (>= 2)
    foreman (0.63.0)
      dotenv (>= 0.7)
      thor (>= 0.13.6)
    foreman (0.63.0-java)
      dotenv (>= 0.7)
      thor (>= 0.13.6)
    forgery (0.5.0)
    fssm (0.2.10)
    fuubar (1.1.1)
      rspec (~> 2.0)
      rspec-instafail (~> 0.2.0)
      ruby-progressbar (~> 1.0)
    handlebars_assets (0.14.1)
      execjs (>= 1.2.9)
      sprockets (>= 2.0.3)
      tilt
    hashie (2.0.5)
    headless (1.0.1)
    highline (1.6.19)
    hike (1.2.3)
    hpricot (0.8.6)
    hpricot (0.8.6-java)
    http_parser.rb (0.5.3)
    http_parser.rb (0.5.3-java)
    i18n (0.6.4)
    jasmine (1.3.2)
      jasmine-core (~> 1.3.1)
      rack (~> 1.0)
      rspec (>= 1.3.1)
      selenium-webdriver (>= 0.1.3)
    jasmine-core (1.3.1)
    jdbc-postgres (9.2.1002.1)
    jdbc-sqlite3 (3.7.2.1)
    journey (1.0.4)
    jquery-rails (2.1.4)
      railties (>= 3.0, < 5.0)
      thor (>= 0.14, < 2.0)
    jruby-openssl (0.8.8)
      bouncy-castle-java (>= 1.5.0147)
    jshint_on_rails (1.0.3)
    json (1.7.7)
    json (1.7.7-java)
    license_finder (0.8.2)
      bundler
      sequel
      sqlite3
      thor
    license_finder (0.8.2-java)
      bundler
      jdbc-sqlite3
      sequel
      thor
    log4r (1.1.10)
    logger-syslog (1.7.1)
    mail (2.5.4)
      mime-types (~> 1.16)
      treetop (~> 1.4.8)
    mime-types (1.23)
    mini_portile (0.5.1)
    multi_json (1.7.7)
    mustache (0.99.4)
    net-ldap (0.3.1)
    net-scp (1.0.4)
      net-ssh (>= 1.99.1)
    net-ssh (2.2.2)
    newrelic_rpm (3.5.3.25)
    nokogiri (1.6.0)
      mini_portile (~> 0.5.0)
    nokogiri (1.6.0-java)
      mini_portile (~> 0.5.0)
    paperclip (3.0.4)
      activemodel (>= 3.0.0)
      activerecord (>= 3.0.0)
      activesupport (>= 3.0.0)
      cocaine (>= 0.0.2)
      mime-types
    pg (0.16.0)
    poltergeist (1.1.2)
      capybara (~> 2.0.1)
      faye-websocket (~> 0.4.4)
      http_parser.rb (~> 0.5.3)
    polyglot (0.3.3)
    pr_geohash (1.0.0)
    rack (1.4.5)
    rack-cache (1.2)
      rack (>= 0.4)
    rack-ssl (1.3.3)
      rack
    rack-test (0.6.2)
      rack (>= 1.0)
    rails (3.2.14)
      actionmailer (= 3.2.14)
      actionpack (= 3.2.14)
      activerecord (= 3.2.14)
      activeresource (= 3.2.14)
      activesupport (= 3.2.14)
      bundler (~> 1.0)
      railties (= 3.2.14)
    railties (3.2.14)
      actionpack (= 3.2.14)
      activesupport (= 3.2.14)
      rack-ssl (~> 1.3.2)
      rake (>= 0.8.7)
      rdoc (~> 3.4)
      thor (>= 0.14.6, < 2.0)
    rake (10.1.0)
    rchardet19 (1.3.5)
    rdoc (3.12.2)
      json (~> 1.4)
    rr (1.1.1)
    rsolr (1.0.9)
      builder (>= 2.1.2)
    rspec (2.14.1)
      rspec-core (~> 2.14.0)
      rspec-expectations (~> 2.14.0)
      rspec-mocks (~> 2.14.0)
    rspec-core (2.14.4)
    rspec-expectations (2.14.0)
      diff-lcs (>= 1.1.3, < 2.0)
    rspec-instafail (0.2.4)
    rspec-mocks (2.14.2)
    rspec-rails (2.14.0)
      actionpack (>= 3.0)
      activesupport (>= 3.0)
      railties (>= 3.0)
      rspec-core (~> 2.14.0)
      rspec-expectations (~> 2.14.0)
      rspec-mocks (~> 2.14.0)
    ruby-progressbar (1.1.1)
    rubyzip (0.9.9)
    safe_yaml (0.9.4)
    sass (3.2.10)
    sass-rails (3.2.6)
      railties (~> 3.2.0)
      sass (>= 3.1.10)
      tilt (~> 1.3)
    scrolls (0.0.9)
    selenium-webdriver (2.33.0)
      childprocess (>= 0.2.5)
      multi_json (~> 1.0)
      rubyzip
      websocket (~> 1.0.4)
    sequel (3.46.0)
    shoulda-matchers (2.2.0)
      activesupport (>= 3.0.0)
    sprockets (2.2.2)
      hike (~> 1.2)
      multi_json (~> 1.0)
      rack (~> 1.0)
      tilt (~> 1.1, != 1.3.0)
    sqlite3 (1.3.7)
    sunspot (2.0.0)
      pr_geohash (~> 1.0)
      rsolr (~> 1.0.7)
    sunspot_matchers (2.0.0.3)
    sunspot_rails (2.0.0)
      nokogiri
      sunspot (= 2.0.0)
    therubyrhino (2.0.2)
      therubyrhino_jar (>= 1.7.3)
    therubyrhino_jar (1.7.4)
    thor (0.18.1)
    tilt (1.4.1)
    timecop (0.6.2.2)
    treetop (1.4.14)
      polyglot
      polyglot (>= 0.3.1)
    turbo-sprockets-rails3 (0.3.6)
      railties (> 3.2.8, < 4.0.0)
      sprockets (>= 2.0.0)
    tzinfo (0.3.37)
    uglifier (2.1.2)
      execjs (>= 0.3.0)
      multi_json (~> 1.0, >= 1.0.2)
    uniform_notifier (1.2.0)
    vagrant (1.0.7)
      archive-tar-minitar (= 0.5.2)
      childprocess (~> 0.3.1)
      erubis (~> 2.7.0)
      i18n (~> 0.6.0)
      json (>= 1.5.1, < 1.8.0)
      log4r (~> 1.1.9)
      net-scp (~> 1.0.4)
      net-ssh (~> 2.2.2)
    vcr (2.3.0)
    webmock (1.13.0)
      addressable (>= 2.2.7)
      crack (>= 0.3.2)
    websocket (1.0.7)
    will_paginate (3.0.4)
    xpath (1.0.0)
      nokogiri (~> 1.3)
    yui-compressor (0.11.0)

PLATFORMS
  java
  ruby

DEPENDENCIES
  activerecord-jdbcpostgresql-adapter
  allowy
  attr_encrypted
  backbone_fixtures_rails!
  bullet
  capybara (~> 2.0.0)
  capybara-screenshot
  chorusgnip!
  chunky_png
  ci_reporter (>= 1.8.2)
  clockwork
  compass-rails
  database_cleaner
  factory_girl
  fakefs
  faker
  fakeweb
  fixture_builder
  foreman (>= 0.62)
  forgery
  fuubar
  handlebars_assets
  hashie
  headless
  jasmine (~> 1.3.2)
  jetpack!
  journey
  jquery-rails (= 2.1.4)
  jruby-openssl
  jshint_on_rails
  license_finder (~> 0.8.1)
  logger-syslog
  mizuno!
  net-ldap
  newrelic_rpm
  nokogiri
  paperclip (= 3.0.4)
  pg
  poltergeist
  postgresql_cursor!
  queue_classic!
  rails (= 3.2.14)
  rake
  rr
  rspec
  rspec-rails
  rspec_api_documentation!
  sass-rails
  sequel (~> 3.46.0)
  shoulda-matchers
  sunspot_matchers
  sunspot_rails (~> 2.0.0)
  sunspot_solr!
  tabcmd_gem!
  therubyrhino
  timecop
  turbo-sprockets-rails3
  uglifier
  vagrant (~> 1.0.7)
  vcr (~> 2.3.0)
  will_paginate
  yui-compressor
